PATH
  remote: .
  specs:
    blog (0.1.0)
      htmlbeautifier
      org-ruby
      rss

GEM
  remote: https://rubygems.org/
  specs:
    coderay (1.1.2)
    htmlbeautifier (1.3.1)
    method_source (0.9.2)
    org-ruby (0.9.12)
      rubypants (~> 0.2)
    pry (0.12.2)
      coderay (~> 1.1.0)
      method_source (~> 0.9.0)
    pry-doc (1.0.0)
      pry (~> 0.11)
      yard (~> 0.9.11)
    rake (10.5.0)
    rss (0.2.8)
    rubypants (0.7.0)
    yard (0.9.20)

PLATFORMS
  ruby

DEPENDENCIES
  blog!
  bundler (~> 2.0)
  method_source
  pry
  pry-doc
  rake (~> 10.0)

BUNDLED WITH
   2.0.2
