PATH
  remote: .
  specs:
    blog (0.1.0)
      htmlbeautifier
      org-ruby

GEM
  remote: https://rubygems.org/
  specs:
    htmlbeautifier (1.3.1)
    org-ruby (0.9.12)
      rubypants (~> 0.2)
    rake (10.5.0)
    rubypants (0.7.0)

PLATFORMS
  ruby

DEPENDENCIES
  blog!
  bundler (~> 2.0)
  rake (~> 10.0)

BUNDLED WITH
   2.0.2
